RESTRICTION: >= net40
NUGET
  remote: https://www.nuget.org/api/v2
    DotLiquid (2.0.145)
    FsCheck (2.9)
      FSharp.Core (>= 4.1)
    FSharp.Core (4.2.1)
    FSharp.Data (2.3.3)
    Hopac (0.3.23)
      FSharp.Core (>= 3.1.2.5)
    Http.fs (4.1.1)
      FSharp.Core (>= 3.1.2.5)
      Hopac (>= 0.3.21)
    Suave (2.1.1)
      FSharp.Core (>= 4.0.0.1)
    Suave.DotLiquid (2.1.1)
      DotLiquid (>= 2.0.64)
      FSharp.Core (>= 4.0.0.1)
      Suave (>= 2.1.1)
